GEM
  remote: https://rubygems.org/
  specs:
    aws-eventstream (1.2.0)
    aws-partitions (1.550.0)
    aws-sdk-core (3.125.5)
      aws-eventstream (~> 1, >= 1.0.2)
      aws-partitions (~> 1, >= 1.525.0)
      aws-sigv4 (~> 1.1)
      jmespath (~> 1.0)
    aws-sdk-secretsmanager (1.53.0)
      aws-sdk-core (~> 3, >= 3.122.0)
      aws-sigv4 (~> 1.1)
    aws-sdk-xray (1.4.0)
      aws-sdk-core (~> 3)
      aws-sigv4 (~> 1.0)
    aws-sigv4 (1.4.0)
      aws-eventstream (~> 1, >= 1.0.2)
    aws-xray-sdk (0.11.5)
      aws-sdk-xray (~> 1.4.0)
      multi_json (~> 1)
    coderay (1.1.3)
    datadog-lambda (1.14.0)
      aws-xray-sdk (~> 0.11.3)
    ddtrace (0.54.2)
      debase-ruby_core_source (<= 0.10.14)
      msgpack
    debase-ruby_core_source (0.10.14)
    diff-lcs (1.5.0)
    docile (1.4.0)
    dotenv (2.7.6)
    jmespath (1.5.0)
    method_source (1.0.0)
    msgpack (1.4.2)
    multi_json (1.15.0)
    pry (0.14.1)
      coderay (~> 1.1)
      method_source (~> 1.0)
    rake (13.0.6)
    rspec (3.10.0)
      rspec-core (~> 3.10.0)
      rspec-expectations (~> 3.10.0)
      rspec-mocks (~> 3.10.0)
    rspec-core (3.10.1)
      rspec-support (~> 3.10.0)
    rspec-expectations (3.10.2)
      diff-lcs (>= 1.2.0, < 2.0)
      rspec-support (~> 3.10.0)
    rspec-mocks (3.10.2)
      diff-lcs (>= 1.2.0, < 2.0)
      rspec-support (~> 3.10.0)
    rspec-support (3.10.3)
    simplecov (0.21.2)
      docile (~> 1.1)
      simplecov-html (~> 0.11)
      simplecov_json_formatter (~> 0.1)
    simplecov-html (0.12.3)
    simplecov_json_formatter (0.1.3)
    yake (0.4.3)

PLATFORMS
  ruby

DEPENDENCIES
  aws-sdk-secretsmanager (~> 1.0)
  datadog-lambda (~> 1.14)
  ddtrace (~> 0.53)
  dotenv (~> 2.7)
  pry (~> 0.14)
  rake (~> 13.0)
  rspec (~> 3.10)
  simplecov (~> 0.21)
  yake (~> 0.4)

RUBY VERSION
   ruby 2.7.4p191

BUNDLED WITH
   2.1.4
