GEM
  remote: https://rubygems.org/
  specs:
    aws-eventstream (1.2.0)
    aws-partitions (1.550.0)
    aws-sdk-core (3.125.5)
      aws-eventstream (~> 1, >= 1.0.2)
      aws-partitions (~> 1, >= 1.525.0)
      aws-sigv4 (~> 1.1)
      jmespath (~> 1.0)
    aws-sdk-xray (1.4.0)
      aws-sdk-core (~> 3)
      aws-sigv4 (~> 1.0)
    aws-sigv4 (1.4.0)
      aws-eventstream (~> 1, >= 1.0.2)
    aws-xray-sdk (0.11.5)
      aws-sdk-xray (~> 1.4.0)
      multi_json (~> 1)
    datadog-lambda (1.14.0)
      aws-xray-sdk (~> 0.11.3)
    ddtrace (0.54.2)
      debase-ruby_core_source (<= 0.10.14)
      msgpack
    debase-ruby_core_source (0.10.14)
    jmespath (1.5.0)
    msgpack (1.4.2)
    multi_json (1.15.0)
    yake (0.4.3)

PLATFORMS
  ruby

DEPENDENCIES
  datadog-lambda (~> 1.14)
  ddtrace (~> 0.53)
  yake (~> 0.4)

RUBY VERSION
   ruby 2.7.4p191

BUNDLED WITH
   2.1.4
